GEM
  remote: https://rubygems.org/
  specs:
    artifactory (2.3.3)
    builder (3.2.2)
    ffi (1.9.10-x64-mingw32)
    gssapi (1.2.0)
      ffi (>= 1.0.1)
    gyoku (1.3.1)
      builder (>= 2.1.2)
    httpclient (2.8.0)
    kitchen-vagrant (0.20.0)
      test-kitchen (~> 1.4)
    little-plugger (1.1.4)
    logging (2.1.0)
      little-plugger (~> 1.1)
      multi_json (~> 1.10)
    mixlib-install (1.1.0)
      artifactory
      mixlib-shellout
      mixlib-versioning
    mixlib-shellout (2.2.6-universal-mingw32)
      win32-process (~> 0.8.2)
      wmi-lite (~> 1.0)
    mixlib-versioning (1.1.0)
    multi_json (1.12.1)
    net-scp (1.2.1)
      net-ssh (>= 2.6.5)
    net-ssh (3.2.0)
    nori (2.6.0)
    rubyntlm (0.6.0)
    safe_yaml (1.0.4)
    test-kitchen (1.10.2)
      mixlib-install (~> 1.0, >= 1.0.4)
      mixlib-shellout (>= 1.2, < 3.0)
      net-scp (~> 1.1)
      net-ssh (>= 2.9, < 4.0)
      safe_yaml (~> 1.0)
      thor (~> 0.18)
    thor (0.19.1)
    win32-process (0.8.3)
      ffi (>= 1.0.0)
    winrm (1.8.1)
      builder (>= 2.1.2)
      gssapi (~> 1.2)
      gyoku (~> 1.0)
      httpclient (~> 2.2, >= 2.2.0.2)
      logging (>= 1.6.1, < 3.0)
      nori (~> 2.0)
      rubyntlm (~> 0.6.0)
    wmi-lite (1.0.0)

PLATFORMS
  x64-mingw32

DEPENDENCIES
  kitchen-vagrant
  test-kitchen
  winrm

BUNDLED WITH
   1.12.5
